GEM
  remote: https://rubygems.org/
  specs:
    epitome (0.3.1)
      scalpel
      stopwords-filter
    guess_html_encoding (0.0.11)
    highscore (1.2.1)
      whatlanguage (>= 1.0.0)
    mini_portile2 (2.3.0)
    nokogiri (1.8.5)
      mini_portile2 (~> 2.3.0)
    ruby-readability (0.7.0)
      guess_html_encoding (>= 0.0.4)
      nokogiri (>= 1.6.0)
    scalpel (0.2.1)
    stopwords-filter (0.4.1)
    text (1.3.1)
    whatlanguage (1.0.6)
    words_counted (1.0.2)

PLATFORMS
  ruby

DEPENDENCIES
  epitome
  highscore
  ruby-readability
  text
  words_counted

BUNDLED WITH
   1.16.1
